GEM
  remote: http://rubygems.org/
  specs:
    crack (0.1.8)
    fakeweb (1.3.0)
    git (1.2.5)
    hashie (1.0.0)
    httparty (0.7.8)
      crack (= 0.1.8)
    jeweler (1.5.2)
      bundler (~> 1.0.0)
      git (>= 1.2.5)
      rake
    nokogiri (1.4.4)
    rake (0.8.7)

PLATFORMS
  ruby

DEPENDENCIES
  fakeweb
  hashie (~> 1.0.0)
  httparty (~> 0.7.0)
  jeweler (~> 1.5.0)
  nokogiri
